GEM
  remote: https://rubygems.org/
  specs:
    bubble-wrap (1.3.0.osx)
    rake (10.4.2)

PLATFORMS
  ruby

DEPENDENCIES
  bubble-wrap (= 1.3.0.osx)
  rake

BUNDLED WITH
   1.10.4
